PATH
  remote: .
  specs:
    pismo (0.0.1)
      awesome_print
      chronic
      fast-stemmer
      nokogiri
      sanitize
      shoulda

GEM
  remote: http://rubygems.org/
  specs:
    awesome_print (0.3.1)
    chronic (0.3.0)
    fast-stemmer (1.0.0)
    nokogiri (1.4.4)
    sanitize (1.2.1)
      nokogiri (~> 1.4.1)
    shoulda (2.11.3)

PLATFORMS
  ruby

DEPENDENCIES
  awesome_print
  chronic
  fast-stemmer
  nokogiri
  pismo!
  sanitize
  shoulda
